GEM
  remote: https://rubygems.org/
  specs:
    open3 (0.1.1)

PLATFORMS
  ruby

DEPENDENCIES
  open3

BUNDLED WITH
   2.2.22
