GEM
  remote: https://rubygems.org/
  specs:
    open3 (0.1.2)

PLATFORMS
  arm64-darwin-22

DEPENDENCIES
  open3

BUNDLED WITH
   2.4.12
